PATH
  remote: .
  specs:
    ievkit (0.2.0)
      faraday_middleware (~> 0.10.0)
      figaro (~> 1.1.1)
      redis (~> 3.2)
      rest-client (~> 1.8.0)

GEM
  remote: https://rubygems.org/
  specs:
    diff-lcs (1.2.5)
    domain_name (0.5.20160615)
      unf (>= 0.0.5, < 1.0.0)
    faraday (0.9.2)
      multipart-post (>= 1.2, < 3)
    faraday_middleware (0.10.0)
      faraday (>= 0.7.4, < 0.10)
    figaro (1.1.1)
      thor (~> 0.14)
    http-cookie (1.0.2)
      domain_name (~> 0.5)
    mime-types (2.99.2)
    multipart-post (2.0.0)
    netrc (0.11.0)
    rake (11.1.2)
    redis (3.3.1)
    rest-client (1.8.0)
      http-cookie (>= 1.0.2, < 2.0)
      mime-types (>= 1.16, < 3.0)
      netrc (~> 0.7)
    rspec (3.4.0)
      rspec-core (~> 3.4.0)
      rspec-expectations (~> 3.4.0)
      rspec-mocks (~> 3.4.0)
    rspec-core (3.4.1)
      rspec-support (~> 3.4.0)
    rspec-expectations (3.4.0)
      diff-lcs (>= 1.2.0, < 2.0)
      rspec-support (~> 3.4.0)
    rspec-mocks (3.4.0)
      diff-lcs (>= 1.2.0, < 2.0)
      rspec-support (~> 3.4.0)
    rspec-support (3.4.1)
    thor (0.19.1)
    unf (0.1.4)
      unf_ext
    unf_ext (0.0.7.2)

PLATFORMS
  ruby

DEPENDENCIES
  bundler (~> 1.11)
  ievkit!
  rake (~> 11.1)
  rspec

RUBY VERSION
   ruby 2.3.1p112

BUNDLED WITH
   1.12.5
